GEM
  remote: https://rubygems.org/
  specs:
    base_x (0.8.1)
    xorcist (1.0.1)

PLATFORMS
  ruby

DEPENDENCIES
  base_x
  xorcist

RUBY VERSION
   ruby 2.3.1p112

BUNDLED WITH
   1.12.4
