GEM
  remote: https://rubygems.org/
  specs:
    barby (0.6.4)
    base_x (0.8.1)

PLATFORMS
  ruby

DEPENDENCIES
  barby
  base_x

RUBY VERSION
   ruby 2.3.1p112

BUNDLED WITH
   1.12.4
